GEM
  remote: https://rubygems.org/
  specs:
    coderay (1.1.3)
    method_source (1.0.0)
    pry (0.14.1)
      coderay (~> 1.1)
      method_source (~> 1.0)
    pry-nav (1.0.0)
      pry (>= 0.9.10, < 0.15)

PLATFORMS
  ruby

DEPENDENCIES
  pry
  pry-nav

RUBY VERSION
   ruby 3.0.0p0

BUNDLED WITH
   2.2.3
